GEM
  remote: https://rubygems.org/
  specs:
    ast (1.1.0)
    chunky_png (1.2.9)
    codeclimate-test-reporter (0.3.0)
      simplecov (>= 0.7.1, < 1.0.0)
    compass (0.12.2)
      chunky_png (~> 1.2)
      fssm (>= 0.2.7)
      sass (~> 3.1)
    diff-lcs (1.2.5)
    docile (1.1.3)
    execjs (2.0.2)
    fssm (0.2.10)
    html_truncator (0.3.1)
      nokogiri (~> 1.5)
    jsmin (1.0.1)
    json (1.8.1)
    kgio (2.8.1)
    mini_portile (0.5.2)
    multi_json (1.10.0)
    nokogiri (1.6.1)
      mini_portile (~> 0.5.0)
    parser (2.1.9)
      ast (>= 1.1, < 3.0)
      slop (~> 3.4, >= 3.4.5)
    powerpack (0.0.9)
    rack (1.5.2)
    rack-protection (1.5.1)
      rack
    rack-test (0.6.2)
      rack (>= 1.0)
    rainbow (2.0.0)
    raindrops (0.12.0)
    rdiscount (2.1.7)
    rspec (2.14.1)
      rspec-core (~> 2.14.0)
      rspec-expectations (~> 2.14.0)
      rspec-mocks (~> 2.14.0)
    rspec-core (2.14.7)
    rspec-expectations (2.14.4)
      diff-lcs (>= 1.1.3, < 2.0)
    rspec-mocks (2.14.4)
    rubocop (0.21.0)
      json (>= 1.7.7, < 2)
      parser (~> 2.1.9)
      powerpack (~> 0.0.6)
      rainbow (>= 1.99.1, < 3.0)
      ruby-progressbar (~> 1.4)
    ruby-progressbar (1.4.2)
    sass (3.2.12)
    simplecov (0.8.2)
      docile (~> 1.1.0)
      multi_json
      simplecov-html (~> 0.8.0)
    simplecov-html (0.8.0)
    sinatra (1.4.4)
      rack (~> 1.4)
      rack-protection (~> 1.4)
      tilt (~> 1.3, >= 1.3.4)
    sinatra-assetpack (0.3.1)
      jsmin
      rack-test
      sinatra
      tilt (>= 1.3.0)
    sinatra-support (1.2.2)
      sinatra (>= 1.0)
    slop (3.5.0)
    tilt (1.4.1)
    uglifier (2.3.1)
      execjs (>= 0.3.0)
      json (>= 1.8.0)
    unicorn (4.7.0)
      kgio (~> 2.6)
      rack
      raindrops (~> 0.7)

PLATFORMS
  ruby

DEPENDENCIES
  codeclimate-test-reporter
  compass
  html_truncator (~> 0.2)
  json
  rdiscount
  rspec
  rubocop
  sass
  sinatra (= 1.4.4)
  sinatra-assetpack
  sinatra-support
  uglifier
  unicorn
